GEM
  remote: https://rubygems.org/
  specs:
    ruby-mp3info (0.8.10)
    taglib-ruby (1.1.3)
    wavefile (1.1.2)

PLATFORMS
  arm64-darwin-23

DEPENDENCIES
  ruby-mp3info (~> 0.8)
  taglib-ruby (~> 1.0)
  wavefile (~> 1.1)

BUNDLED WITH
   2.3.26
